PATH
  remote: .
  specs:
    aws-rsync (0.1.0)
      colorize
      filewatcher
      hashie
      thor

GEM
  remote: https://rubygems.org/
  specs:
    byebug (10.0.0)
    codeclimate-test-reporter (0.4.4)
      simplecov (>= 0.7.1, < 1.0.0)
    colorize (0.8.1)
    diff-lcs (1.2.5)
    docile (1.1.5)
    filewatcher (1.0.1)
      trollop (~> 2.1, >= 2.1.2)
    hashie (3.5.7)
    multi_json (1.10.1)
    rake (10.4.2)
    rspec (3.1.0)
      rspec-core (~> 3.1.0)
      rspec-expectations (~> 3.1.0)
      rspec-mocks (~> 3.1.0)
    rspec-core (3.1.7)
      rspec-support (~> 3.1.0)
    rspec-expectations (3.1.2)
      diff-lcs (>= 1.2.0, < 2.0)
      rspec-support (~> 3.1.0)
    rspec-mocks (3.1.3)
      rspec-support (~> 3.1.0)
    rspec-support (3.1.2)
    simplecov (0.9.1)
      docile (~> 1.1.0)
      multi_json (~> 1.0)
      simplecov-html (~> 0.8.0)
    simplecov-html (0.8.0)
    thor (0.20.0)
    trollop (2.1.2)

PLATFORMS
  ruby

DEPENDENCIES
  aws-rsync!
  bundler
  byebug
  codeclimate-test-reporter
  rake
  rspec

BUNDLED WITH
   1.16.1
